GEM
  remote: https://rubygems.org/
  specs:
    coderay (1.1.2)
    daemons (1.2.6)
    eventmachine (1.2.5)
    faraday (0.14.0)
      multipart-post (>= 1.2, < 3)
    method_source (0.9.0)
    multipart-post (2.0.0)
    mustermann (1.0.1)
    pry (0.11.3)
      coderay (~> 1.1.0)
      method_source (~> 0.9.0)
    rack (2.0.3)
    rack-protection (2.0.0)
      rack
    sinatra (2.0.0)
      mustermann (~> 1.0)
      rack (~> 2.0)
      rack-protection (= 2.0.0)
      tilt (~> 2.0)
    thin (1.7.2)
      daemons (~> 1.0, >= 1.0.9)
      eventmachine (~> 1.0, >= 1.0.4)
      rack (>= 1, < 3)
    tilt (2.0.8)

PLATFORMS
  ruby

DEPENDENCIES
  faraday
  pry
  sinatra
  thin

BUNDLED WITH
   1.16.0
